GIT
  remote: https://github.com/rack/rack-contrib.git
  revision: 9f5bcdd
  branch: master
  specs:
    rack-contrib (1.1.0)
      rack (>= 0.9.1)

GEM
  remote: http://rubygems.org/
  specs:
    addressable (2.2.6)
    ansi (1.2.5)
    coffee-script (2.2.0)
      coffee-script-source
      execjs
    coffee-script-source (1.1.2)
    erubis (2.7.0)
    execjs (1.2.4)
      multi_json (~> 1.0)
    fakeweb (1.3.0)
    faraday (0.7.4)
      addressable (~> 2.2.6)
      multipart-post (~> 1.1.0)
      rack (>= 1.1.0, < 2)
    multi_json (1.0.3)
    multipart-post (1.1.3)
    rack (1.3.0.beta)
    rack-test (0.6.1)
      rack (>= 1.0)
    rake (0.9.0)
    sass (3.1.7)
    shotgun (0.9)
      rack (>= 1.0)
    sinatra (1.2.6)
      rack (~> 1.1)
      tilt (>= 1.2.2, < 2.0)
    tilt (1.3.2)
    turn (0.8.2)
      ansi (>= 1.2.2)
    vcr (1.11.1)

PLATFORMS
  ruby

DEPENDENCIES
  coffee-script
  erubis
  fakeweb
  faraday (~> 0.7.4)
  rack-contrib!
  rack-test (~> 0.6.1)
  rake
  sass
  shotgun
  sinatra
  turn
  vcr
